GEM
  remote: http://rubygems.org/
  specs:
    babel_bridge (0.3.1)
    ffi (1.1.5)
    minitest (4.1.0)
    racc (1.4.9)
    rkelly (1.0.7)
    ruby-llvm (3.0.0)
      ffi (>= 1.0.0)

PLATFORMS
  ruby

DEPENDENCIES
  babel_bridge
  minitest
  racc
  rkelly
  ruby-llvm
