GEM
  remote: http://rubygems.org/
  specs:
    coderay (1.0.8)
    ffi (1.1.5)
    minitest (4.1.0)
    rake (10.0.3)
    ruby-llvm (3.0.0)
      ffi (>= 1.0.0)

PLATFORMS
  ruby

DEPENDENCIES
  coderay
  minitest
  rake
  ruby-llvm
