GEM
  remote: http://rubygems.org/
  specs:
    babel_bridge (0.3.1)
    minitest (4.1.0)
    racc (1.4.9)
    rkelly (1.0.7)

PLATFORMS
  ruby

DEPENDENCIES
  babel_bridge
  minitest
  racc
  rkelly
