GEM
  remote: https://rubygems.org/
  specs:
    builder (3.2.2)
    coderay (1.1.0)
    cucumber (1.3.17)
      builder (>= 2.1.2)
      diff-lcs (>= 1.1.3)
      gherkin (~> 2.12)
      multi_json (>= 1.7.5, < 2.0)
      multi_test (>= 0.1.1)
    diff-lcs (1.2.5)
    gherkin (2.12.2)
      multi_json (~> 1.3)
    minitest (5.4.1)
    multi_json (1.10.1)
    multi_test (0.1.1)
    rake (10.3.2)

PLATFORMS
  ruby

DEPENDENCIES
  coderay
  cucumber
  minitest
  rake
