GEM
  remote: http://rubygems.org/
  specs:
    builder (3.1.4)
    coderay (1.0.8)
    cucumber (1.2.1)
      builder (>= 2.1.2)
      diff-lcs (>= 1.1.3)
      gherkin (~> 2.11.0)
      json (>= 1.4.6)
    diff-lcs (1.1.3)
    ffi (1.1.5)
    gherkin (2.11.5)
      json (>= 1.4.6)
    json (1.7.6)
    minitest (4.1.0)
    rake (10.0.3)
    ruby-llvm (3.0.0)
      ffi (>= 1.0.0)

PLATFORMS
  ruby

DEPENDENCIES
  coderay
  cucumber
  minitest
  rake
  ruby-llvm
